GEM
  remote: https://rubygems.org/
  specs:
    byebug (10.0.2)
    highline (2.0.0)
    options (2.3.2)
    progress_bar (1.3.0)
      highline (>= 1.6, < 3)
      options (~> 2.3.0)

PLATFORMS
  ruby

DEPENDENCIES
  byebug!
  progress_bar!

BUNDLED WITH
   1.16.1
